NUGET
  remote: https://www.nuget.org/api/v2
  specs:
    Fare (1.0.0)
    FsCheck (2.0.7)
      FSharp.Core (>= 3.1.2.5)
    FsCheck.Xunit (2.0.7)
      FsCheck (>= 2.0.7)
      xunit (>= 1.9.2)
    FSharp.Core (4.0.0.1)
    xunit (1.9.2)
